GEM
  remote: http://rubygems.org/
  specs:
    yajl (0.3.4)

PLATFORMS
  ruby

DEPENDENCIES
  yajl

BUNDLED WITH
   1.10.6
