GEM
  remote: http://rubygems.org/
  specs:
    json (1.8.3)
    power_assert (0.3.0)
    test-unit (3.1.9)
      power_assert
    yajl-ruby (1.2.1)

PLATFORMS
  ruby

DEPENDENCIES
  json
  test-unit
  yajl-ruby

BUNDLED WITH
   1.10.6
